GEM
  remote: https://rubygems.org/
  specs:
    curb (0.8.3)
    daemons (1.1.9)
    eventmachine (0.12.10)
    rack (1.4.1)
    rack-protection (1.5.0)
      rack
    sinatra (1.3.5)
      rack (~> 1.4)
      rack-protection (~> 1.3)
      tilt (~> 1.3, >= 1.3.3)
    thin (1.4.1)
      daemons (>= 1.0.9)
      eventmachine (>= 0.12.6)
      rack (>= 1.0.0)
    tilt (1.3.5)

PLATFORMS
  ruby

DEPENDENCIES
  curb
  sinatra (= 1.3.5)
  thin
